GEM
  remote: https://rubygems.org/
  specs:
    backports (3.8.0)
    coderay (1.1.1)
    curb (0.9.3)
    hue (0.2.0)
      curb
      json
      log_switch (= 0.4.0)
      thor
    json (2.1.0)
    log_switch (0.4.0)
    method_source (0.8.2)
    multi_json (1.12.1)
    mustermann (1.0.0)
    pry (0.10.4)
      coderay (~> 1.1.0)
      method_source (~> 0.8.1)
      slop (~> 3.4)
    puma (3.9.1)
    rack (2.0.3)
    rack-flash3 (1.0.5)
      rack
    rack-protection (2.0.0)
      rack
    sinatra (2.0.0)
      mustermann (~> 1.0)
      rack (~> 2.0)
      rack-protection (= 2.0.0)
      tilt (~> 2.0)
    sinatra-contrib (2.0.0)
      backports (>= 2.0)
      multi_json
      mustermann (~> 1.0)
      rack-protection (= 2.0.0)
      sinatra (= 2.0.0)
      tilt (>= 1.3, < 3)
    slim (3.0.8)
      temple (>= 0.7.6, < 0.9)
      tilt (>= 1.3.3, < 2.1)
    slop (3.6.0)
    temple (0.8.0)
    thor (0.19.4)
    tilt (2.0.8)

PLATFORMS
  ruby

DEPENDENCIES
  hue
  pry
  puma
  rack
  rack-flash3
  sinatra
  sinatra-contrib
  slim

RUBY VERSION
   ruby 2.4.0p0

BUNDLED WITH
   1.14.6
